GEM
  remote: https://rubygems.org/
  specs:
    addressable (2.8.0)
      public_suffix (>= 2.0.2, < 5.0)
    ast (2.3.0)
    builder (3.2.2)
    ci_reporter (2.0.0)
      builder (>= 2.1.2)
    crack (0.4.5)
      rexml
    diff-lcs (1.2.5)
    docile (1.1.5)
    hashdiff (1.0.1)
    json (2.0.2)
    parser (2.3.1.2)
      ast (~> 2.2)
    powerpack (0.1.1)
    public_suffix (4.0.6)
    rainbow (2.1.0)
    rake (11.2.2)
    redcarpet (3.3.4)
    rexml (3.2.5)
    rspec (3.5.0)
      rspec-core (~> 3.5.0)
      rspec-expectations (~> 3.5.0)
      rspec-mocks (~> 3.5.0)
    rspec-core (3.5.3)
      rspec-support (~> 3.5.0)
    rspec-expectations (3.5.0)
      diff-lcs (>= 1.2.0, < 2.0)
      rspec-support (~> 3.5.0)
    rspec-mocks (3.5.0)
      diff-lcs (>= 1.2.0, < 2.0)
      rspec-support (~> 3.5.0)
    rspec-support (3.5.0)
    rubocop (0.42.0)
      parser (>= 2.3.1.1, < 3.0)
      powerpack (~> 0.1)
      rainbow (>= 1.99.1, < 3.0)
      ruby-progressbar (~> 1.7)
      unicode-display_width (~> 1.0, >= 1.0.1)
    ruby-progressbar (1.8.1)
    simplecov (0.12.0)
      docile (~> 1.1.0)
      json (>= 1.8, < 3)
      simplecov-html (~> 0.10.0)
    simplecov-html (0.10.0)
    simplecov-rcov (0.2.3)
      simplecov (>= 0.4.1)
    tee (1.0.0)
    unicode-display_width (1.1.0)
    webmock (3.13.0)
      addressable (>= 2.3.6)
      crack (>= 0.3.2)
      hashdiff (>= 0.4.0, < 2.0.0)
    yard (0.9.5)

PLATFORMS
  ruby

DEPENDENCIES
  ci_reporter
  rainbow (~> 2.1.0)
  rake
  redcarpet
  rspec
  rubocop (~> 0.42.0)
  simplecov-rcov
  tee
  webmock (>= 2.1.0)
  yard

BUNDLED WITH
   1.17.3
